PATH
  remote: .
  specs:
    terraforming (0.1.0)

GEM
  remote: https://rubygems.org/
  specs:
    minitest (5.11.3)
    rake (13.0.1)

PLATFORMS
  ruby

DEPENDENCIES
  bundler (~> 2.0)
  minitest
  rake (~> 13.0)
  terraforming!

BUNDLED WITH
   2.0.2
